PATH
  remote: .
  specs:
    sign_well (2.0.0)
      faraday (~> 2.12.2)
      ostruct (~> 0.6.1)

GEM
  remote: https://rubygems.org/
  specs:
    date (3.4.1)
    faraday (2.12.2)
      faraday-net_http (>= 2.0, < 3.5)
      json
      logger
    faraday-net_http (3.4.0)
      net-http (>= 0.5.0)
    io-console (0.8.0)
    irb (1.15.2)
      pp (>= 0.6.0)
      rdoc (>= 4.0.0)
      reline (>= 0.4.2)
    json (2.10.2)
    logger (1.7.0)
    minitest (5.25.5)
    net-http (0.6.0)
      uri
    ostruct (0.6.1)
    pp (0.6.2)
      prettyprint
    prettyprint (0.2.0)
    psych (5.2.3)
      date
      stringio
    rake (13.2.1)
    rdoc (6.13.1)
      psych (>= 4.0.0)
    reline (0.6.1)
      io-console (~> 0.5)
    stringio (3.1.6)
    uri (1.0.3)

PLATFORMS
  arm64-darwin-23
  ruby
  x86_64-darwin-23
  x86_64-linux

DEPENDENCIES
  bundler (~> 2.6.7)
  irb (~> 1.15)
  minitest (~> 5.0)
  rake (~> 13.0)
  sign_well!

BUNDLED WITH
   2.6.7
